PATH
  remote: .
  specs:
    to_simple_yaml (1.0.10)

GEM
  remote: https://rubygems.org/
  specs:
    minitest (5.12.2)
    rake (13.0.1)

PLATFORMS
  ruby

DEPENDENCIES
  bundler (~> 1.17)
  minitest (~> 5.0)
  rake (~> 13.0)
  to_simple_yaml!

BUNDLED WITH
   1.17.2
